GEM
  remote: https://rubygems.org/
  specs:
    atk (2.0.3)
      glib2 (= 2.0.3)
    cairo (1.12.9)
      pkg-config (>= 1.1.5)
    coderay (1.1.0)
    docile (1.1.5)
    gdk_pixbuf2 (2.0.3)
      glib2 (= 2.0.3)
    glib2 (2.0.3)
      pkg-config
    gtk2 (2.0.3)
      atk (= 2.0.3)
      gdk_pixbuf2 (= 2.0.3)
      pango (= 2.0.3)
    method_source (0.8.2)
    minitest (5.4.0)
    multi_json (1.10.1)
    pango (2.0.3)
      cairo (>= 1.12.5)
      glib2 (= 2.0.3)
    pdf-core (0.1.6)
    pkg-config (1.1.5)
    prawn (0.15.0)
      pdf-core (~> 0.1.3)
      ttfunk (~> 1.1.0)
    pry (0.10.0)
      coderay (~> 1.1.0)
      method_source (~> 0.8.1)
      slop (~> 3.4)
    pry-nav (0.2.4)
      pry (>= 0.9.10, < 0.11.0)
    simplecov (0.9.0)
      docile (~> 1.1.0)
      multi_json
      simplecov-html (~> 0.8.0)
    simplecov-html (0.8.0)
    slop (3.6.0)
    ttfunk (1.1.1)

PLATFORMS
  ruby

DEPENDENCIES
  gtk2 (~> 2.0.2)
  minitest
  prawn (~> 0.15.0)
  pry
  pry-nav
  simplecov
  simplecov-html
