GEM
  remote: https://rubygems.org/
  specs:
    coderay (1.1.0)
    method_source (0.8.2)
    pdf-core (0.1.6)
    prawn (0.15.0)
      pdf-core (~> 0.1.3)
      ttfunk (~> 1.1.0)
    prawn-grouping (0.1.0)
      prawn (~> 0.15.0)
    pry (0.10.0)
      coderay (~> 1.1.0)
      method_source (~> 0.8.1)
      slop (~> 3.4)
    pry-nav (0.2.4)
      pry (>= 0.9.10, < 0.11.0)
    slop (3.6.0)
    ttfunk (1.1.1)

PLATFORMS
  ruby

DEPENDENCIES
  prawn (~> 0.15.0)
  prawn-grouping
  pry
  pry-nav
